GEM
  remote: https://rubygems.org/
  specs:
    alsa-rawmidi (0.4.0)
      ffi (~> 1.15, >= 1.15.5)
    ffi (1.17.0-arm64-darwin)
    ffi-coremidi (0.5.1)
      ffi (~> 1.15, >= 1.15.5)
    micromidi (0.2.0)
      midi-eye (~> 0.3, >= 0.3.7)
      midi-fx (~> 0.4, >= 0.4)
      midi-message (~> 0.4, >= 0.4.4)
      unimidi (~> 0.4, >= 0.4.6)
    midi-eye (0.3.10)
      midi-message (~> 0.4, >= 0.4.4)
      midi-nibbler (~> 0.2, >= 0.2.2)
      unimidi (~> 0.4, >= 0.4.6)
    midi-fx (0.4.2)
      midi-message (~> 0.4, >= 0.4.4)
    midi-jruby (0.2.0)
    midi-message (0.4.9)
    midi-nibbler (0.2.4)
      midi-message (~> 0.4, >= 0.4.4)
    midi-winmm (0.1.10)
      ffi (>= 1.0)
    unimidi (0.5.1)
      alsa-rawmidi (~> 0.4, >= 0.4.0)
      ffi-coremidi (~> 0.5, >= 0.5.1)
      midi-jruby (~> 0.2, >= 0.2.0)
      midi-winmm (~> 0.1, >= 0.1.10)

PLATFORMS
  arm64-darwin

DEPENDENCIES
  micromidi
  unimidi

BUNDLED WITH
   2.5.9
