GEM
  remote: https://rubygems.org/
  specs:
    ffi (1.17.0-arm64-darwin)
    gosu (1.4.6)
    rtmidi (0.3)
      ffi (~> 1.9)

PLATFORMS
  arm64-darwin

DEPENDENCIES
  gosu
  rtmidi

BUNDLED WITH
   2.5.9
